PATH
  remote: .
  specs:
    taillste (0.1.0)

GEM
  remote: https://rubygems.org/
  specs:
    minitest (5.14.4)
    rake (10.5.0)

PLATFORMS
  x86_64-darwin-19

DEPENDENCIES
  bundler (~> 2.2)
  minitest (~> 5.0)
  rake (~> 10.0)
  taillste!

BUNDLED WITH
   2.2.15
