PATH
  remote: .
  specs:
    ft_wikipedia (0.0.1)

GEM
  remote: https://rubygems.org/
  specs:
    date (3.1.0)
    minitest (5.14.4)
    nokogiri (1.11.6-x86_64-darwin)
      racc (~> 1.4)
    open-uri (0.1.0)
      stringio
      time
      uri
    racc (1.5.2)
    rake (13.0.3)
    stringio (3.0.0)
    time (0.1.0)
      date
    uri (0.10.1)

PLATFORMS
  x86_64-darwin-19

DEPENDENCIES
  ft_wikipedia!
  minitest (~> 5.14, >= 5.14.4)
  nokogiri (~> 1.11, >= 1.11.6)
  open-uri (~> 0.1.0)
  rake (~> 13.0, >= 13.0.3)

BUNDLED WITH
   2.2.15
